PATH
  remote: .
  specs:
    video_file (0.1.0)

GEM
  remote: https://rubygems.org/
  specs:
    minitest (5.11.3)
    rake (10.5.0)
    rake-compiler (1.0.7)
      rake
    rmagick (3.0.0)
    yard (0.9.18)

PLATFORMS
  ruby

DEPENDENCIES
  bundler (~> 2.0)
  minitest (~> 5.0)
  rake (~> 10.0)
  rake-compiler
  rmagick
  video_file!
  yard

BUNDLED WITH
   2.0.1
